GEM
  remote: https://rubygems.org/
  specs:
    addressable (~> 2.5.0)
      public_suffix (~> 2.0)
    jekyll (3.3.1)
      colorator (~> 1.0)
      kramdown (~> 1.3)
      liquid (~> 3.0)
      mercenary (~> 0.3.3)
      rouge (~> 1.7)
      safe_yaml (~> 1.0)
    jekyll-sass-converter (~> 1.5.0)
      sass (~> 3.4)
    jekyll-watch (~> 1.5.0)
      listen (~> 3.0, < 3.1)
    listen (3.0.8)
      rb-fsevent (~> 0.9, >= 0.9.4)
      rb-inotify (~> 0.9, >= 0.9.7)
    mercenary (0.3.6)
    pathutil (~> 0.14.0)
      forwardable-extended (~> 2.6)
      ffi (>= 0.5.0)

PLATFORMS
  ruby

DEPENDENCIES
  jekyll (= 3.3.1)

RUBY VERSION
   ruby 2.0.0p648

BUNDLED WITH
   1.13.7
